{
	"TaskName": "p300",
	"Manufacturer": "BioSemi",
	"PowerLineFrequency": 50.0,
	"SamplingFrequency": 2048.0,
	"SoftwareFilters": "n/a",
	"RecordingDuration": 49.99951171875,
	"RecordingType": "continuous",
	"EEGReference": "n/a",
	"EEGGround": "n/a",
	"EEGPlacementScheme": "10-20 system",
	"EEGChannelCount": 32,
	"EOGChannelCount": 0,
	"ECGChannelCount": 0,
	"EMGChannelCount": 0,
	"TriggerChannelCount": 0,
	"ManufacturersModelName": "Biosemi ActiveTwo",
	"SoftwareVersions": "n/a",
	"HardwareFilters": "n/a",
	"TaskDescription": "Subjects counted silently how often a prescribed image (one of six: television, telephone, lamp, door, window, radio) was flashed while images were flashed in random sequences Trial duration: 1.0s, ISI: 400.0ms, SOA: 400.0ms.",
	"Instructions": "Subjects were asked to count silently how often a prescribed image was flashed",
	"CogAtlasID": "https://www.cognitiveatlas.org/task/id/tsk_GxjZBNiJorj1K/",
	"InstitutionName": "Ecole Polytechnique F\u00e9d\u00e9rale de Lausanne",
	"InstitutionAddress": "Signal Processing Institute, CH-1015 Lausanne, Switzerland",
	"InstitutionalDepartmentName": "Signal Processing Institute",
	"CapManufacturer": "n/a",
	"CapManufacturersModelName": "n/a",
	"SubjectArtefactDescription": "n/a",
	"DeviceSerialNumber": "n/a",
	"Description": "EEG recording.",
	"MISCChannelCount": 0
}